PATH
  remote: .
  specs:
    oleg (0.6.0)
      redcarpet (= 3.4.0)
      rouge (= 2.0.7)
      rugged (= 0.25.1.1)

GEM
  remote: https://rubygems.org/
  specs:
    redcarpet (3.4.0)
    rouge (2.0.7)
    rugged (0.25.1.1)

PLATFORMS
  ruby

DEPENDENCIES
  oleg!

BUNDLED WITH
   1.14.4
