PATH
  remote: .
  specs:
    oleg (0.1.0)

GEM
  remote: https://rubygems.org/
  specs:

PLATFORMS
  ruby

DEPENDENCIES
  oleg!

BUNDLED WITH
   1.14.4
