PATH
  remote: .
  specs:
    oleg (0.2.0)
      rugged (= 0.25.1.1)

GEM
  remote: https://rubygems.org/
  specs:
    rugged (0.25.1.1)

PLATFORMS
  ruby

DEPENDENCIES
  oleg!

BUNDLED WITH
   1.14.4
