PATH
  remote: .
  specs:
    leg (0.0.1)
      redcarpet (= 3.4.0)
      rouge (= 2.0.7)
      rugged (= 0.25.1.1)

GEM
  remote: https://rubygems.org/
  specs:
    redcarpet (3.4.0)
    rouge (2.0.7)
    rugged (0.25.1.1)

PLATFORMS
  ruby

DEPENDENCIES
  leg!

BUNDLED WITH
   1.16.1
