PATH
  remote: .
  specs:
    leg (0.0.1)
      redcarpet (= 3.4.0)
      rouge (= 2.0.7)
      rugged (= 0.27.2)

GEM
  remote: https://rubygems.org/
  specs:
    coderay (1.1.2)
    method_source (0.9.0)
    minitest (5.11.3)
    pry (0.11.3)
      coderay (~> 1.1.0)
      method_source (~> 0.9.0)
    rake (10.5.0)
    redcarpet (3.4.0)
    rouge (2.0.7)
    rugged (0.27.2)

PLATFORMS
  ruby

DEPENDENCIES
  bundler (~> 1.16)
  leg!
  minitest (~> 5.0)
  pry
  rake (~> 10.0)

BUNDLED WITH
   1.16.1
